GEM
  specs:
    blend-mode (0.0.1)
      compass (~> 0.12)
    breakpoint (2.0.1)
      compass (>= 0.12.1)
      sass (>= 3.2.0)
    chunky_png (1.2.8)
    coderay (1.0.9)
    color-schemer (0.2.3)
      blend-mode (~> 0.0.1)
      compass (~> 0.12)
    compass (0.12.2)
      chunky_png (~> 1.2)
      fssm (>= 0.2.7)
      sass (~> 3.1)
    compass-normalize (1.4.3)
      compass (>= 0.12.0)
    em-websocket (0.5.0)
      eventmachine (>= 0.12.9)
      http_parser.rb (~> 0.5.3)
    eventmachine (1.0.3)
    fssm (0.2.10)
    guard (1.6.2)
      listen (>= 0.6.0)
      lumberjack (>= 1.0.2)
      pry (>= 0.9.10)
      terminal-table (>= 1.4.3)
      thor (>= 0.14.6)
    guard-compass (0.0.6)
      compass (>= 0.10.5)
      guard (>= 0.2.1)
    guard-livereload (1.1.3)
      em-websocket (>= 0.2.0)
      guard (>= 1.5.0)
      multi_json (~> 1.0)
    http_parser.rb (0.5.3)
    listen (0.7.3)
    lumberjack (1.0.3)
    method_source (0.8.1)
    modular-scale (1.0.6)
      compass (>= 0.12.1)
      sass (>= 3.2.0)
      sassy-math (>= 1.5)
    multi_json (1.7.2)
    pry (0.9.12)
      coderay (~> 1.0.5)
      method_source (~> 0.8)
      slop (~> 3.4)
    rb-fsevent (0.9.3)
    respond-to (2.6)
      breakpoint (>= 1.3)
    sass (3.2.7)
    sassy-buttons (0.1.4)
      compass (>= 0.12.2)
      sass (>= 3.2.0)
    sassy-math (1.5)
      compass (~> 0.11)
    sassy-strings (0.3.1)
      compass (>= 0.12.2)
    singularitygs (1.0.6)
      breakpoint (>= 2.0.1)
      compass (>= 0.12.2)
      sass (>= 3.2.1)
    slop (3.4.4)
    susy (1.0.8)
      compass (>= 0.12.2)
      sass (>= 3.2.0)
    terminal-table (1.4.5)
    thor (0.17.0)
    toolkit (0.2.6)
      compass (>= 0.12.2)
      respond-to (>= 2.6)
      sassy-strings (>= 0.1)
      singularitygs (>= 0.0.17)
      susy (>= 1.0.5)
    yajl-ruby (1.1.0)

PLATFORMS
  ruby

DEPENDENCIES
  breakpoint (>= 2.0.1)
  color-schemer (>= 0.2.3)
  compass-normalize (>= 1.4.3)
  guard-compass
  guard-livereload
  modular-scale (>= 1.0.6)
  rb-fsevent
  sassy-buttons (>= 0.1.4)
  singularitygs (>= 1.0.6)
  toolkit (>= 0.2.6)
  yajl-ruby
